GEM
  remote: https://rubygems.org/
  specs:
    byebug (10.0.2)
    ddtrace (0.11.4)
      msgpack
    dogapi (1.29.0)
      multi_json
    dotenv (2.2.1)
    msgpack (1.2.4)
    multi_json (1.13.1)
    mustermann (1.0.2)
    rack (2.0.4)
    rack-protection (2.0.1)
      rack
    sinatra (2.0.1)
      mustermann (~> 1.0)
      rack (~> 2.0)
      rack-protection (= 2.0.1)
      tilt (~> 2.0)
    tilt (2.0.8)

PLATFORMS
  ruby

DEPENDENCIES
  byebug
  ddtrace
  dogapi
  dotenv
  sinatra

BUNDLED WITH
   1.16.1
